GEM
  remote: https://rubygems.org/
  specs:
    dotenv (2.8.1)
    event_emitter (0.2.6)
    httparty (0.20.0)
      mime-types (~> 3.0)
      multi_xml (>= 0.5.2)
    mime-types (3.4.1)
      mime-types-data (~> 3.2015)
    mime-types-data (3.2022.0105)
    multi_xml (0.6.0)
    nio4r (2.5.8)
    puma (6.0.0)
      nio4r (~> 2.0)
    websocket (1.2.9)
    websocket-client-simple (0.6.0)
      event_emitter
      websocket

PLATFORMS
  x86_64-linux

DEPENDENCIES
  dotenv (~> 2.8, >= 2.8.1)
  httparty (~> 0.20.0)
  puma (~> 6.0)
  websocket-client-simple (~> 0.6.0)

BUNDLED WITH
   2.3.24
