GIT
  remote: https://github.com/sinatra/sinatra.git
  revision: edaca03b50c24c4a2afb5979fb687adf7e67feab
  specs:
    rack-protection (3.0.2)
      rack
    sinatra (3.0.2)
      mustermann (~> 3.0)
      rack (~> 2.2, >= 2.2.4)
      rack-protection (= 3.0.2)
      tilt (~> 2.0)

GEM
  remote: https://rubygems.org/
  specs:
    event_emitter (0.2.6)
    httparty (0.20.0)
      mime-types (~> 3.0)
      multi_xml (>= 0.5.2)
    mime-types (3.4.1)
      mime-types-data (~> 3.2015)
    mime-types-data (3.2022.0105)
    multi_xml (0.6.0)
    mustermann (3.0.0)
      ruby2_keywords (~> 0.0.1)
    nio4r (2.5.8)
    puma (6.0.0)
      nio4r (~> 2.0)
    rack (2.2.4)
    ruby2_keywords (0.0.5)
    tilt (2.0.11)
    websocket (1.2.9)
    websocket-client-simple (0.6.0)
      event_emitter
      websocket

PLATFORMS
  aarch64-linux

DEPENDENCIES
  httparty (~> 0.20.0)
  puma (~> 6.0)
  sinatra!
  websocket-client-simple (~> 0.6.0)

BUNDLED WITH
   2.3.24
